GEM
  remote: https://rubygems.org/
  specs:
    dotenv (2.8.1)

PLATFORMS
  arm64-darwin-22

DEPENDENCIES
  dotenv (~> 2.8, >= 2.8.1)

BUNDLED WITH
   2.4.20
